GEM
  remote: https://rubygems.org/
  specs:
    coderay (1.1.3)
    gruff (0.12.1)
      histogram
      rmagick
    histogram (0.2.4.1)
    json (2.5.1)
    method_source (1.0.0)
    pry (0.13.1)
      coderay (~> 1.1)
      method_source (~> 1.0)
    rmagick (4.1.2)

PLATFORMS
  ruby

DEPENDENCIES
  gruff
  json
  pry

BUNDLED WITH
   2.1.4
